GEM
  remote: https://rubygems.org/
  specs:
    pdf-core (0.6.0)
    prawn (2.0.2)
      pdf-core (~> 0.6.0)
      ttfunk (~> 1.4.0)
    ttfunk (1.4.0)

PLATFORMS
  ruby

DEPENDENCIES
  prawn

BUNDLED WITH
   1.10.6
